PATH
  remote: .
  specs:
    arcade (0.2.0)
      gosu

GEM
  remote: http://rubygems.org/
  specs:
    gosu (0.7.43)
    rake (0.9.2.2)

PLATFORMS
  ruby

DEPENDENCIES
  arcade!
  rake
